PATH
  remote: .
  specs:
    regaliator (4.1.1)
      json

GEM
  remote: https://rubygems.org/
  specs:
    addressable (2.8.7)
      public_suffix (>= 2.0.2, < 7.0)
    ansi (1.5.0)
    bigdecimal (3.1.8)
    builder (3.3.0)
    coderay (1.1.3)
    crack (1.0.0)
      bigdecimal
      rexml
    hashdiff (1.1.0)
    json (2.7.2)
    method_source (1.1.0)
    minitest (5.24.1)
    minitest-reporters (1.7.1)
      ansi
      builder
      minitest (>= 5.0)
      ruby-progressbar
    pry (0.14.2)
      coderay (~> 1.1)
      method_source (~> 1.0)
    public_suffix (5.1.1)
    rake (13.2.1)
    rexml (3.3.2)
      strscan
    ruby-progressbar (1.13.0)
    strscan (3.1.0)
    vcr (6.2.0)
    webmock (3.23.1)
      addressable (>= 2.8.0)
      crack (>= 0.3.2)
      hashdiff (>= 0.4.0, < 2.0.0)

PLATFORMS
  x86_64-linux

DEPENDENCIES
  bundler (~> 2.4, <= 2.4.22)
  minitest (~> 5.24)
  minitest-reporters (~> 1.7)
  pry
  rake (~> 13.0)
  regaliator!
  vcr (~> 6.2)
  webmock (~> 3.23)

RUBY VERSION
   ruby 2.7.8p225

BUNDLED WITH
   2.4.22
